GEM
  remote: https://rubygems.org/
  specs:
    bigdecimal (3.1.4)
    coderay (1.1.3)
    daemons (1.4.1)
    eventmachine (1.2.7)
    json (2.6.3)
    method_source (1.0.0)
    pry (0.14.2)
      coderay (~> 1.1)
      method_source (~> 1.0)
    rack (2.2.8)
    sequel (5.72.0)
      bigdecimal
    thin (1.8.2)
      daemons (~> 1.0, >= 1.0.9)
      eventmachine (~> 1.0, >= 1.0.4)
      rack (>= 1, < 3)

PLATFORMS
  x86_64-linux

DEPENDENCIES
  json (~> 2.6)
  pry (~> 0.14.2)
  rack (~> 2.2)
  sequel (~> 5.72)
  thin (~> 1.8)

BUNDLED WITH
   2.3.3
